GEM
  remote: http://rubygems.org/
  specs:
    addressable (2.3.2)
    crack (0.3.1)
    diff-lcs (1.1.3)
    dropbox-api (0.3.2)
      hashie
      multi_json
      oauth
    evernote-thrift (1.23.1)
    evernote_oauth (0.1.5)
      evernote-thrift
      oauth (>= 0.4.1)
    facets (2.9.3)
    faraday (0.8.4)
      multipart-post (~> 1.1)
    fattr (2.2.1)
    git (1.2.5)
    google_drive (0.3.3)
      nokogiri (>= 1.4.4, != 1.5.2, != 1.5.1)
      oauth (>= 0.3.6)
      oauth2 (>= 0.5.0)
    hashie (1.2.0)
    httparty (0.8.3)
      multi_json (~> 1.0)
      multi_xml
    httpauth (0.2.0)
    jeweler (1.8.4)
      bundler (~> 1.0)
      git (>= 1.2.5)
      rake
      rdoc
    json (1.7.6)
    jwt (0.1.5)
      multi_json (>= 1.0)
    lre (0.3.0)
      fattr
      mharris_ext
      watchr
    mharris_ext (1.6.0)
      facets
      fattr
    multi_json (1.5.0)
    multi_xml (0.5.2)
    multipart-post (1.1.5)
    nokogiri (1.5.6)
    oauth (0.4.7)
    oauth2 (0.8.0)
      faraday (~> 0.8)
      httpauth (~> 0.1)
      jwt (~> 0.1.4)
      multi_json (~> 1.0)
      rack (~> 1.2)
    rack (1.4.4)
    rake (10.0.3)
    rdoc (3.12)
      json (~> 1.4)
    rspec (2.8.0)
      rspec-core (~> 2.8.0)
      rspec-expectations (~> 2.8.0)
      rspec-mocks (~> 2.8.0)
    rspec-core (2.8.0)
    rspec-expectations (2.8.0)
      diff-lcs (~> 1.1.2)
    rspec-mocks (2.8.0)
    vcr (2.4.0)
    watchr (0.7)
    webmock (1.9.0)
      addressable (>= 2.2.7)
      crack (>= 0.1.7)

PLATFORMS
  ruby

DEPENDENCIES
  bundler (~> 1.2)
  dropbox-api
  evernote_oauth
  google_drive
  httparty
  jeweler (~> 1.8.4)
  json
  lre
  mharris_ext
  nokogiri
  rdoc (~> 3.12)
  rspec (~> 2.8.0)
  vcr
  webmock
